GEM
  remote: http://rubygems.org/
  specs:
    builder (3.2.2)
    colored (1.2)
    cri (2.6.1)
      colored (~> 1.2)
    kramdown (1.6.0)
    mime-types (2.4.3)
    nanoc (3.7.5)
      cri (~> 2.3)
    rack (1.6.0)
    rdiscount (2.1.8)
    systemu (2.6.4)

PLATFORMS
  ruby

DEPENDENCIES
  builder
  kramdown
  mime-types
  nanoc
  rack
  rdiscount
  systemu
