GEM
  remote: http://rubygems.org/
  remote: http://gemcutter.org/
  specs:
    builder (3.2.2)
    colored (1.2)
    cri (2.3.0)
      colored (>= 1.2)
    kramdown (1.1.0)
    mime-types (1.24)
    nanoc (3.6.4)
      cri (~> 2.3)
    rack (1.5.2)
    rdiscount (2.1.6)
    systemu (2.5.2)

PLATFORMS
  ruby

DEPENDENCIES
  builder
  kramdown
  mime-types
  nanoc
  rack
  rdiscount
  systemu
