GEM
  remote: http://rubygems.org/
  remote: http://gemcutter.org/
  specs:
    asdf (0.5.0)
      rack (~> 1.2.1)
    builder (3.1.4)
    colored (1.2)
    cri (2.3.0)
      colored (>= 1.2)
    kramdown (0.14.2)
    mime-types (1.19)
    nanoc (3.4.3)
      cri (~> 2.2)
    rack (1.2.7)
    rdiscount (1.6.8)
    systemu (2.5.2)

PLATFORMS
  ruby

DEPENDENCIES
  asdf
  builder
  kramdown
  mime-types
  nanoc
  rdiscount
  systemu
