GEM
  remote: http://rubygems.org/
  remote: http://gemcutter.org/
  specs:
    builder (3.2.2)
    colored (1.2)
    cri (2.6.0)
      colored (~> 1.2)
    kramdown (1.3.3)
    mime-types (2.2)
    nanoc (3.6.9)
      cri (~> 2.3)
    rack (1.5.2)
    rdiscount (2.1.7.1)
    systemu (2.6.4)

PLATFORMS
  ruby

DEPENDENCIES
  builder
  kramdown
  mime-types
  nanoc
  rack
  rdiscount
  systemu
