GEM
  remote: http://rubygems.org/
  specs:
    builder (3.2.2)
    colored (1.2)
    cri (2.7.0)
      colored (~> 1.2)
    kramdown (1.7.0)
    mime-types (2.6.1)
    nanoc (3.8.0)
      cri (~> 2.3)
    rack (1.6.1)
    rdiscount (2.1.8)
    systemu (2.6.5)

PLATFORMS
  ruby

DEPENDENCIES
  builder
  kramdown
  mime-types
  nanoc
  rack
  rdiscount
  systemu
