GEM
  remote: http://rubygems.org/
  remote: http://gemcutter.org/
  specs:
    builder (3.2.2)
    colored (1.2)
    cri (2.4.0)
      colored (>= 1.2)
    kramdown (1.2.0)
    mime-types (2.0)
    nanoc (3.6.5)
      cri (~> 2.3)
    rack (1.5.2)
    rdiscount (2.1.7)
    systemu (2.5.2)

PLATFORMS
  ruby

DEPENDENCIES
  builder
  kramdown
  mime-types
  nanoc
  rack
  rdiscount
  systemu
