GEM
  remote: http://rubygems.org/
  remote: http://gemcutter.org/
  specs:
    builder (3.2.0)
    colored (1.2)
    cri (2.3.0)
      colored (>= 1.2)
    kramdown (1.0.2)
    mime-types (1.23)
    nanoc (3.6.3)
      cri (~> 2.3)
    rdiscount (2.0.7.3)
    systemu (2.5.2)

PLATFORMS
  ruby

DEPENDENCIES
  builder
  kramdown
  mime-types
  nanoc
  rdiscount
  systemu
